GIT
  remote: git://github.com/cloudfoundry/cf-message-bus.git
  revision: 88a9fc0fa75fca29a8fd1fb47c6504a252020a0f
  specs:
    cf-message-bus (0.0.1)
      eventmachine (~> 1.0.0)
      nats (= 0.4.26)
      vcap-concurrency
      yajl-ruby

GIT
  remote: git://github.com/cloudfoundry/vcap-concurrency.git
  revision: dfddfb0bc0e599b94390ef8c026f71c4ddc323f7
  specs:
    vcap-concurrency (0.1.0)

PATH
  remote: .
  specs:
    cf-registrar (1.0.0)
      cf-message-bus
      eventmachine (~> 1.0.0)
      steno
      vcap-concurrency

GEM
  remote: https://rubygems.org/
  specs:
    activesupport (3.2.13)
      i18n (= 0.6.1)
      multi_json (~> 1.0)
    backports (3.3.2)
    builder (3.2.2)
    daemons (1.1.9)
    descendants_tracker (0.0.1)
    diff-lcs (1.2.4)
    eventmachine (1.0.3)
    fluent-logger (0.4.6)
      msgpack (>= 0.4.4, < 0.6.0, != 0.5.3, != 0.5.2, != 0.5.1, != 0.5.0)
      yajl-ruby (~> 1.0)
    grape (0.5.0)
      activesupport
      builder
      hashie (>= 1.2.0)
      multi_json (>= 1.3.2)
      multi_xml (>= 0.5.2)
      rack (>= 1.3.0)
      rack-accept
      rack-mount
      virtus
    hashie (2.0.5)
    i18n (0.6.1)
    json_pure (1.8.0)
    msgpack (0.5.5)
    multi_json (1.7.7)
    multi_xml (0.5.4)
    nats (0.4.26)
      daemons (>= 1.1.5)
      eventmachine (>= 0.12.10)
      json_pure (>= 1.7.3)
      thin (>= 1.4.1)
    rack (1.5.2)
    rack-accept (0.4.5)
      rack (>= 0.4)
    rack-mount (0.8.3)
      rack (>= 1.0.0)
    rspec (2.13.0)
      rspec-core (~> 2.13.0)
      rspec-expectations (~> 2.13.0)
      rspec-mocks (~> 2.13.0)
    rspec-core (2.13.1)
    rspec-expectations (2.13.0)
      diff-lcs (>= 1.1.3, < 2.0)
    rspec-mocks (2.13.1)
    steno (1.1.0)
      fluent-logger
      grape
      yajl-ruby (~> 1.0)
    thin (1.5.1)
      daemons (>= 1.0.9)
      eventmachine (>= 0.12.6)
      rack (>= 1.0.0)
    virtus (0.5.5)
      backports (~> 3.3)
      descendants_tracker (~> 0.0.1)
    yajl-ruby (1.1.0)

PLATFORMS
  ruby

DEPENDENCIES
  bundler (~> 1.3)
  cf-message-bus!
  cf-registrar!
  rspec
  vcap-concurrency!
